GEM
  remote: http://rubygems.org/
  specs:
    rack-rewrite (1.0.2)

PLATFORMS
  ruby

DEPENDENCIES
  rack-rewrite
